GEM
  remote: https://rubygems.org/
  specs:
    bacon (1.2.0)
    builder (3.2.2)
    capybara (2.2.1)
      mime-types (>= 1.16)
      nokogiri (>= 1.3.3)
      rack (>= 1.0.0)
      rack-test (>= 0.5.4)
      xpath (~> 2.0)
    childprocess (0.4.0)
      ffi (~> 1.0, >= 1.0.11)
    coderay (1.1.0)
    database_cleaner (1.2.0)
    diff-lcs (1.2.5)
    digital_ocean (1.0.1)
      faraday (~> 0.8.7)
      faraday_middleware (~> 0.9.0)
      json
      rash
    dotenv (0.9.0)
    faraday (0.8.9)
      multipart-post (~> 1.2.0)
    faraday_middleware (0.9.0)
      faraday (>= 0.7.4, < 0.9)
    ffi (1.9.3)
    hashie (2.0.5)
    hoe (3.9.0)
      rake (>= 0.8, < 11.0)
    json (1.8.1)
    kgio (2.7.4)
    method_source (0.8.2)
    middleware (0.1.0)
    mime-types (2.1)
    mini_portile (0.5.2)
    multi_json (1.8.4)
    multipart-post (1.2.0)
    nokogiri (1.6.1)
      mini_portile (~> 0.5.0)
    pg (0.17.1)
    pry (0.9.12.6)
      coderay (~> 1.0)
      method_source (~> 0.8)
      slop (~> 3.4)
    rack (1.5.2)
    rack-protection (1.5.2)
      rack
    rack-test (0.6.2)
      rack (>= 1.0)
    raindrops (0.10.0)
    rake (10.1.1)
    rake-compiler (0.9.2)
      rake
    rash (0.4.0)
      hashie (~> 2.0.0)
    rspec (2.14.1)
      rspec-core (~> 2.14.0)
      rspec-expectations (~> 2.14.0)
      rspec-mocks (~> 2.14.0)
    rspec-core (2.14.7)
    rspec-expectations (2.14.4)
      diff-lcs (>= 1.1.3, < 2.0)
    rspec-mocks (2.14.4)
    rubyzip (1.1.0)
    selenium-webdriver (2.39.0)
      childprocess (>= 0.2.5)
      multi_json (~> 1.0)
      rubyzip (~> 1.0)
      websocket (~> 1.0.4)
    sequel (4.7.0)
    sinatra (1.4.4)
      rack (~> 1.4)
      rack-protection (~> 1.4)
      tilt (~> 1.3, >= 1.3.4)
    sinatra-sequel (0.9.0)
      bacon
      sequel (>= 3.2.0)
      sinatra (>= 0.9.4)
    slop (3.4.7)
    thor (0.18.1)
    tilt (1.4.1)
    tugboat (0.2.0)
      digital_ocean (~> 1.0.1)
      middleware (~> 0.1.0)
      thor (~> 0.18.1)
    unicorn (4.5.0)
      kgio (~> 2.6)
      rack
      raindrops (~> 0.7)
    websocket (1.0.7)
    xpath (2.0.0)
      nokogiri (~> 1.3)
    yarjuf (1.0.5)
      builder
      rspec (>= 2.0)
    zabbixapi (0.6.4)
      json

PLATFORMS
  ruby

DEPENDENCIES
  bundler
  capybara
  database_cleaner
  dotenv
  hoe
  pg
  pry
  rack-test
  rake
  rake-compiler
  rspec
  selenium-webdriver
  sequel
  sinatra
  sinatra-sequel
  tugboat
  unicorn
  yarjuf
  zabbixapi
